GEM
  remote: https://rubygems.org/
  specs:
    chunky_png (1.3.4)
    rack (1.6.4)
    rack-protection (1.5.3)
      rack
    rqrcode (0.10.1)
      chunky_png (~> 1.0)
    sinatra (1.4.7)
      rack (~> 1.5)
      rack-protection (~> 1.4)
      tilt (>= 1.3, < 3)
    tilt (2.0.2)

PLATFORMS
  ruby

DEPENDENCIES
  rqrcode
  sinatra

BUNDLED WITH
   1.11.2
