GEM
  remote: https://rubygems.org/
  specs:
    chunky_png (1.3.10)
    mustermann (1.0.2)
    rack (2.0.4)
    rack-protection (2.0.1)
      rack
    rqrcode (0.10.1)
      chunky_png (~> 1.0)
    sinatra (2.0.1)
      mustermann (~> 1.0)
      rack (~> 2.0)
      rack-protection (= 2.0.1)
      tilt (~> 2.0)
    tilt (2.0.8)

PLATFORMS
  ruby

DEPENDENCIES
  rqrcode
  sinatra

BUNDLED WITH
   1.14.5
